PATH
  remote: .
  specs:
    ruby-satisfaction (0.7.5)
      activesupport
      json (>= 1.7.3)
      memcache-client (>= 1.5.0)
      nokogiri (>= 1.4.2)
      oauth (>= 0.3.5)

GEM
  remote: http://rubygems.org/
  specs:
    activesupport (3.2.6)
      i18n (~> 0.6)
      multi_json (~> 1.0)
    configuration (1.2.0)
    diff-lcs (1.1.3)
    fakeweb (1.3.0)
    gemcutter (0.6.1)
    i18n (0.6.0)
    json (1.7.3)
    launchy (0.3.7)
      configuration (>= 0.0.5)
      rake (>= 0.8.1)
    memcache-client (1.8.5)
    multi_json (1.3.6)
    nokogiri (1.5.5)
    oauth (0.4.6)
    open_gem (1.4.2)
      launchy (~> 0.3.5)
    rake (0.8.7)
    rr (1.0.4)
    rspec (2.11.0)
      rspec-core (~> 2.11.0)
      rspec-expectations (~> 2.11.0)
      rspec-mocks (~> 2.11.0)
    rspec-core (2.11.0)
    rspec-expectations (2.11.1)
      diff-lcs (~> 1.1.3)
    rspec-mocks (2.11.1)

PLATFORMS
  ruby

DEPENDENCIES
  bundler (>= 1.1.4)
  fakeweb (~> 1.3)
  gemcutter (>= 0.6.1)
  open_gem (>= 1.4)
  rr (= 1.0.4)
  rspec (~> 2.11)
  ruby-satisfaction!
