PATH
  remote: .
  specs:
    ruby-satisfaction (0.6.4)
      activesupport (~> 2.3)
      json (>= 1.4.6)
      memcache-client (>= 1.5.0)
      nokogiri (>= 1.4.2)
      oauth (>= 0.3.5)

GEM
  remote: http://rubygems.org/
  specs:
    activesupport (2.3.10)
    columnize (0.3.2)
    configuration (1.2.0)
    diff-lcs (1.1.2)
    fakeweb (1.3.0)
    gemcutter (0.6.1)
    json (1.4.6)
    launchy (0.3.7)
      configuration (>= 0.0.5)
      rake (>= 0.8.1)
    linecache (0.43)
    memcache-client (1.8.5)
    nokogiri (1.4.4)
    oauth (0.4.4)
    open_gem (1.4.2)
      launchy (~> 0.3.5)
    rake (0.8.7)
    rr (1.0.2)
    rspec (2.2.0)
      rspec-core (~> 2.2)
      rspec-expectations (~> 2.2)
      rspec-mocks (~> 2.2)
    rspec-core (2.2.1)
    rspec-expectations (2.2.0)
      diff-lcs (~> 1.1.2)
    rspec-mocks (2.2.0)
    ruby-debug (0.10.4)
      columnize (>= 0.1)
      ruby-debug-base (~> 0.10.4.0)
    ruby-debug-base (0.10.4)
      linecache (>= 0.3)

PLATFORMS
  ruby

DEPENDENCIES
  bundler (>= 1.0.0)
  fakeweb (~> 1.3)
  gemcutter (>= 0.6.1)
  open_gem (>= 1.4)
  rr (= 1.0.2)
  rspec (~> 2.2)
  ruby-debug (>= 0.10.4)
  ruby-satisfaction!
